GIT
  remote: https://github.com/DFE-Digital/dfe-autocomplete.git
  revision: 36d80e6b5bba67c92cd9ec6982a4e536d1889aed
  specs:
    dfe-autocomplete (0.1.0)
      actionview (>= 7.0.2.3)
      activemodel (>= 7.0.2.3)
      govuk-components
      rails (>= 7.0.2.3)
      view_component

GEM
  remote: https://rubygems.org/
  specs:
    actioncable (7.0.4.3)
      actionpack (= 7.0.4.3)
      activesupport (= 7.0.4.3)
      nio4r (~> 2.0)
      websocket-driver (>= 0.6.1)
    actionmailbox (7.0.4.3)
      actionpack (= 7.0.4.3)
      activejob (= 7.0.4.3)
      activerecord (= 7.0.4.3)
      activestorage (= 7.0.4.3)
      activesupport (= 7.0.4.3)
      mail (>= 2.7.1)
      net-imap
      net-pop
      net-smtp
    actionmailer (7.0.4.3)
      actionpack (= 7.0.4.3)
      actionview (= 7.0.4.3)
      activejob (= 7.0.4.3)
      activesupport (= 7.0.4.3)
      mail (~> 2.5, >= 2.5.4)
      net-imap
      net-pop
      net-smtp
      rails-dom-testing (~> 2.0)
    actionpack (7.0.4.3)
      actionview (= 7.0.4.3)
      activesupport (= 7.0.4.3)
      rack (~> 2.0, >= 2.2.0)
      rack-test (>= 0.6.3)
      rails-dom-testing (~> 2.0)
      rails-html-sanitizer (~> 1.0, >= 1.2.0)
    actiontext (7.0.4.3)
      actionpack (= 7.0.4.3)
      activerecord (= 7.0.4.3)
      activestorage (= 7.0.4.3)
      activesupport (= 7.0.4.3)
      globalid (>= 0.6.0)
      nokogiri (>= 1.8.5)
    actionview (7.0.4.3)
      activesupport (= 7.0.4.3)
      builder (~> 3.1)
      erubi (~> 1.4)
      rails-dom-testing (~> 2.0)
      rails-html-sanitizer (~> 1.1, >= 1.2.0)
    activejob (7.0.4.3)
      activesupport (= 7.0.4.3)
      globalid (>= 0.3.6)
    activemodel (7.0.4.3)
      activesupport (= 7.0.4.3)
    activerecord (7.0.4.3)
      activemodel (= 7.0.4.3)
      activesupport (= 7.0.4.3)
    activestorage (7.0.4.3)
      actionpack (= 7.0.4.3)
      activejob (= 7.0.4.3)
      activerecord (= 7.0.4.3)
      activesupport (= 7.0.4.3)
      marcel (~> 1.0)
      mini_mime (>= 1.1.0)
    activesupport (7.0.4.3)
      concurrent-ruby (~> 1.0, >= 1.0.2)
      i18n (>= 1.6, < 2)
      minitest (>= 5.1)
      tzinfo (~> 2.0)
    addressable (2.8.4)
      public_suffix (>= 2.0.2, < 6.0)
    annotate (3.2.0)
      activerecord (>= 3.2, < 8.0)
      rake (>= 10.4, < 14.0)
    ast (2.4.2)
    audits1984 (0.1.2)
      console1984
      rinku
      rouge
      sassc-rails
      turbo-rails
    backport (1.2.0)
    bcrypt (3.1.18)
    benchmark (0.2.1)
    bindex (0.8.1)
    bootsnap (1.16.0)
      msgpack (~> 1.2)
    builder (3.2.4)
    capybara (3.39.0)
      addressable
      matrix
      mini_mime (>= 0.1.3)
      nokogiri (~> 1.8)
      rack (>= 1.6.0)
      rack-test (>= 0.6.3)
      regexp_parser (>= 1.5, < 3.0)
      xpath (~> 3.2)
    capybara-email (3.0.2)
      capybara (>= 2.4, < 4.0)
      mail
    choice (0.2.0)
    colorize (0.8.1)
    concurrent-ruby (1.2.2)
    connection_pool (2.3.0)
    console1984 (0.1.26)
      colorize
      parser
    crack (0.4.5)
      rexml
    crass (1.0.6)
    cssbundling-rails (1.1.2)
      railties (>= 6.0.0)
    cuprite (0.14.3)
      capybara (~> 3.0)
      ferrum (~> 0.13.0)
    data_migrate (9.0.0)
      activerecord (>= 6.0)
      railties (>= 6.0)
    date (3.3.3)
    debug (1.7.2)
      irb (>= 1.5.0)
      reline (>= 0.3.1)
    devise (4.9.2)
      bcrypt (~> 3.0)
      orm_adapter (~> 0.1)
      railties (>= 4.1.0)
      responders
      warden (~> 1.2.3)
    devise_invitable (2.0.8)
      actionmailer (>= 5.0)
      devise (>= 4.6)
    diff-lcs (1.5.0)
    dotenv (2.8.1)
    dotenv-rails (2.8.1)
      dotenv (= 2.8.1)
      railties (>= 3.2)
    e2mmap (0.1.0)
    erubi (1.12.0)
    et-orbi (1.2.7)
      tzinfo
    factory_bot (6.2.1)
      activesupport (>= 5.0.0)
    factory_bot_rails (6.2.0)
      factory_bot (~> 6.2.0)
      railties (>= 5.0.0)
    faker (3.2.0)
      i18n (>= 1.8.11, < 2)
    faraday (2.7.4)
      faraday-net_http (>= 2.0, < 3.1)
      ruby2_keywords (>= 0.0.4)
    faraday-multipart (1.0.4)
      multipart-post (~> 2)
    faraday-net_http (3.0.2)
    ferrum (0.13)
      addressable (~> 2.5)
      concurrent-ruby (~> 1.1)
      webrick (~> 1.7)
      websocket-driver (>= 0.6, < 0.8)
    ffi (1.15.5)
    foreman (0.87.2)
    fugit (1.8.1)
      et-orbi (~> 1, >= 1.2.7)
      raabro (~> 1.4)
    gds_zendesk (3.3.0)
      null_logger (~> 0)
      zendesk_api (~> 1.27)
    globalid (1.1.0)
      activesupport (>= 5.0)
    govuk-components (3.3.0)
      html-attributes-utils (~> 0.9, >= 0.9.2)
      pagy (~> 5.10.1)
      view_component (~> 2.74.1)
    govuk_design_system_formbuilder (3.3.0)
      actionview (>= 6.1)
      activemodel (>= 6.1)
      activesupport (>= 6.1)
      html-attributes-utils (~> 0.9, >= 0.9.2)
    govuk_markdown (2.0.1)
      activesupport
      redcarpet
    haml (6.1.1)
      temple (>= 0.8.2)
      thor
      tilt
    hashdiff (1.0.1)
    hashie (5.0.0)
    html-attributes-utils (0.9.2)
      activesupport (>= 6.1.4.4)
    i18n (1.13.0)
      concurrent-ruby (~> 1.0)
    inflection (1.0.0)
    io-console (0.6.0)
    irb (1.6.4)
      reline (>= 0.3.0)
    jaro_winkler (1.5.4)
    jsbundling-rails (1.1.1)
      railties (>= 6.0.0)
    json (2.6.3)
    jwt (2.5.0)
    kramdown (2.4.0)
      rexml
    kramdown-parser-gfm (1.1.0)
      kramdown (~> 2.0)
    logstop (0.3.0)
    loofah (2.20.0)
      crass (~> 1.0.2)
      nokogiri (>= 1.5.9)
    mail (2.8.1)
      mini_mime (>= 0.1.1)
      net-imap
      net-pop
      net-smtp
    mail-notify (1.1.0)
      actionmailer (>= 5.2.4.6)
      actionpack (>= 5.2.7.1)
      actionview (>= 5.2.7.1)
      activesupport (>= 5.2.4.6)
      notifications-ruby-client (~> 5.1)
      rack (>= 2.1.4.1)
    marcel (1.0.2)
    matrix (0.4.2)
    method_source (1.0.0)
    mini_mime (1.1.2)
    minitest (5.18.0)
    msgpack (1.6.0)
    multi_xml (0.6.0)
    multipart-post (2.2.3)
    net-imap (0.3.4)
      date
      net-protocol
    net-pop (0.1.2)
      net-protocol
    net-protocol (0.2.1)
      timeout
    net-smtp (0.3.3)
      net-protocol
    nio4r (2.5.8)
    nokogiri (1.14.3-arm64-darwin)
      racc (~> 1.4)
    nokogiri (1.14.3-x86_64-darwin)
      racc (~> 1.4)
    nokogiri (1.14.3-x86_64-linux)
      racc (~> 1.4)
    notifications-ruby-client (5.3.0)
      jwt (>= 1.5, < 3)
    null_logger (0.0.1)
    oauth2 (2.0.9)
      faraday (>= 0.17.3, < 3.0)
      jwt (>= 1.0, < 3.0)
      multi_xml (~> 0.5)
      rack (>= 1.2, < 4)
      snaky_hash (~> 2.0)
      version_gem (~> 1.1)
    okcomputer (1.18.4)
    omniauth (2.1.0)
      hashie (>= 3.4.6)
      rack (>= 2.2.3)
      rack-protection
    omniauth-oauth2 (1.8.0)
      oauth2 (>= 1.4, < 3)
      omniauth (~> 2.0)
    omniauth-rails_csrf_protection (1.0.1)
      actionpack (>= 4.2)
      omniauth (~> 2.0)
    orm_adapter (0.5.0)
    pagy (5.10.1)
      activesupport
    parallel (1.22.1)
    parser (3.2.2.0)
      ast (~> 2.4.1)
    pg (1.5.3)
    prettier_print (1.2.1)
    public_suffix (5.0.1)
    puma (6.2.1)
      nio4r (~> 2.0)
    raabro (1.4.0)
    racc (1.6.2)
    rack (2.2.7)
    rack-attack (6.6.1)
      rack (>= 1.0, < 3)
    rack-protection (3.0.1)
      rack
    rack-test (2.1.0)
      rack (>= 1.3)
    rails (7.0.4.3)
      actioncable (= 7.0.4.3)
      actionmailbox (= 7.0.4.3)
      actionmailer (= 7.0.4.3)
      actionpack (= 7.0.4.3)
      actiontext (= 7.0.4.3)
      actionview (= 7.0.4.3)
      activejob (= 7.0.4.3)
      activemodel (= 7.0.4.3)
      activerecord (= 7.0.4.3)
      activestorage (= 7.0.4.3)
      activesupport (= 7.0.4.3)
      bundler (>= 1.15.0)
      railties (= 7.0.4.3)
    rails-dom-testing (2.0.3)
      activesupport (>= 4.2.0)
      nokogiri (>= 1.6)
    rails-erd (1.7.2)
      activerecord (>= 4.2)
      activesupport (>= 4.2)
      choice (~> 0.2.0)
      ruby-graphviz (~> 1.2)
    rails-html-sanitizer (1.5.0)
      loofah (~> 2.19, >= 2.19.1)
    railties (7.0.4.3)
      actionpack (= 7.0.4.3)
      activesupport (= 7.0.4.3)
      method_source
      rake (>= 12.2)
      thor (~> 1.0)
      zeitwerk (~> 2.5)
    rainbow (3.1.1)
    rake (13.0.6)
    rbs (2.8.4)
    redcarpet (3.6.0)
    redis (4.8.1)
    regexp_parser (2.7.0)
    reline (0.3.3)
      io-console (~> 0.5)
    responders (3.1.0)
      actionpack (>= 5.2)
      railties (>= 5.2)
    reverse_markdown (2.1.1)
      nokogiri
    rexml (3.2.5)
    rinku (2.0.6)
    rladr (1.2.0)
    rouge (3.30.0)
    rspec (3.12.0)
      rspec-core (~> 3.12.0)
      rspec-expectations (~> 3.12.0)
      rspec-mocks (~> 3.12.0)
    rspec-core (3.12.0)
      rspec-support (~> 3.12.0)
    rspec-expectations (3.12.0)
      diff-lcs (>= 1.2.0, < 2.0)
      rspec-support (~> 3.12.0)
    rspec-mocks (3.12.0)
      diff-lcs (>= 1.2.0, < 2.0)
      rspec-support (~> 3.12.0)
    rspec-rails (6.0.1)
      actionpack (>= 6.1)
      activesupport (>= 6.1)
      railties (>= 6.1)
      rspec-core (~> 3.11)
      rspec-expectations (~> 3.11)
      rspec-mocks (~> 3.11)
      rspec-support (~> 3.11)
    rspec-support (3.12.0)
    rubocop (1.44.1)
      json (~> 2.3)
      parallel (~> 1.10)
      parser (>= 3.2.0.0)
      rainbow (>= 2.2.2, < 4.0)
      regexp_parser (>= 1.8, < 3.0)
      rexml (>= 3.2.5, < 4.0)
      rubocop-ast (>= 1.24.1, < 2.0)
      ruby-progressbar (~> 1.7)
      unicode-display_width (>= 2.4.0, < 3.0)
    rubocop-ast (1.24.1)
      parser (>= 3.1.1.0)
    rubocop-capybara (2.17.0)
      rubocop (~> 1.41)
    rubocop-govuk (4.10.0)
      rubocop (= 1.44.1)
      rubocop-ast (= 1.24.1)
      rubocop-rails (= 2.17.4)
      rubocop-rake (= 0.6.0)
      rubocop-rspec (= 2.18.1)
    rubocop-rails (2.17.4)
      activesupport (>= 4.2.0)
      rack (>= 1.1)
      rubocop (>= 1.33.0, < 2.0)
    rubocop-rake (0.6.0)
      rubocop (~> 1.0)
    rubocop-rspec (2.18.1)
      rubocop (~> 1.33)
      rubocop-capybara (~> 2.17)
    ruby-graphviz (1.2.5)
      rexml
    ruby-progressbar (1.13.0)
    ruby2_keywords (0.0.5)
    sassc (2.4.0)
      ffi (~> 1.9)
    sassc-rails (2.1.2)
      railties (>= 4.0.0)
      sassc (>= 2.0)
      sprockets (> 3.0)
      sprockets-rails
      tilt
    sentry-rails (5.9.0)
      railties (>= 5.0)
      sentry-ruby (~> 5.9.0)
    sentry-ruby (5.9.0)
      concurrent-ruby (~> 1.0, >= 1.0.2)
    shoulda-matchers (5.3.0)
      activesupport (>= 5.2.0)
    sidekiq (6.5.8)
      connection_pool (>= 2.2.5, < 3)
      rack (~> 2.0)
      redis (>= 4.5.0, < 5)
    sidekiq-cron (1.10.0)
      fugit (~> 1.8)
      globalid (>= 1.0.1)
      sidekiq (>= 6)
    snaky_hash (2.0.1)
      hashie
      version_gem (~> 1.1, >= 1.1.1)
    solargraph (0.49.0)
      backport (~> 1.2)
      benchmark
      bundler (~> 2.0)
      diff-lcs (~> 1.4)
      e2mmap
      jaro_winkler (~> 1.5)
      kramdown (~> 2.3)
      kramdown-parser-gfm (~> 1.1)
      parser (~> 3.0)
      rbs (~> 2.0)
      reverse_markdown (~> 2.0)
      rubocop (~> 1.38)
      thor (~> 1.0)
      tilt (~> 2.0)
      yard (~> 0.9, >= 0.9.24)
    solargraph-rails (1.1.0)
      activesupport
      solargraph
    spring (4.1.1)
    spring-commands-rspec (1.0.4)
      spring (>= 0.9.1)
    sprockets (4.1.1)
      concurrent-ruby (~> 1.0)
      rack (> 1, < 3)
    sprockets-rails (3.4.2)
      actionpack (>= 5.2)
      activesupport (>= 5.2)
      sprockets (>= 3.0.0)
    syntax_tree (6.1.1)
      prettier_print (>= 1.2.0)
    syntax_tree-haml (4.0.3)
      haml (>= 5.2)
      prettier_print (>= 1.2.1)
      syntax_tree (>= 6.0.0)
    syntax_tree-rbs (1.0.0)
      prettier_print
      rbs
      syntax_tree (>= 2.0.1)
    temple (0.10.0)
    thor (1.2.1)
    tilt (2.1.0)
    timeout (0.3.2)
    turbo-rails (1.1.1)
      actionpack (>= 6.0.0)
      activejob (>= 6.0.0)
      railties (>= 6.0.0)
    tzinfo (2.0.6)
      concurrent-ruby (~> 1.0)
    unicode-display_width (2.4.2)
    vcr (6.1.0)
    version_gem (1.1.1)
    view_component (2.74.1)
      activesupport (>= 5.0.0, < 8.0)
      concurrent-ruby (~> 1.0)
      method_source (~> 1.0)
    warden (1.2.9)
      rack (>= 2.0.9)
    web-console (4.2.0)
      actionview (>= 6.0.0)
      activemodel (>= 6.0.0)
      bindex (>= 0.4.0)
      railties (>= 6.0.0)
    webmock (3.18.1)
      addressable (>= 2.8.0)
      crack (>= 0.3.2)
      hashdiff (>= 0.4.0, < 2.0.0)
    webrick (1.8.1)
    websocket-driver (0.7.5)
      websocket-extensions (>= 0.1.0)
    websocket-extensions (0.1.5)
    xpath (3.2.0)
      nokogiri (~> 1.8)
    yard (0.9.34)
    zeitwerk (2.6.7)
    zendesk_api (1.38.0.rc1)
      faraday (> 2.0.0)
      faraday-multipart
      hashie (>= 3.5.2, < 6.0.0)
      inflection
      mini_mime
      multipart-post (~> 2.0)

PLATFORMS
  arm64-darwin-21
  x86_64-darwin-21
  x86_64-linux

DEPENDENCIES
  annotate
  audits1984 (~> 0.1.2)
  bootsnap
  capybara (~> 3.39)
  capybara-email
  console1984 (~> 0.1.26)
  cssbundling-rails
  cuprite (~> 0.14)
  data_migrate
  debug
  devise
  devise_invitable
  dfe-autocomplete!
  dotenv-rails
  factory_bot_rails
  faker
  faraday (~> 2.7)
  foreman (~> 0.87.2)
  gds_zendesk
  govuk-components (~> 3.3.0)
  govuk_design_system_formbuilder
  govuk_markdown (~> 2.0)
  jsbundling-rails
  logstop (~> 0.3.0)
  mail-notify
  okcomputer (~> 1.18)
  omniauth-oauth2 (~> 1.8)
  omniauth-rails_csrf_protection
  pagy
  pg (~> 1.5)
  prettier_print (~> 1.2.1)
  puma (~> 6.2)
  rack-attack
  rails (~> 7.0.4)
  rails-erd
  rladr (~> 1.2)
  rspec
  rspec-rails
  rubocop-govuk
  sentry-rails
  shoulda-matchers (~> 5.3)
  sidekiq
  sidekiq-cron (~> 1.10)
  solargraph
  solargraph-rails
  spring
  spring-commands-rspec
  sprockets-rails
  syntax_tree (~> 6.1)
  syntax_tree-haml (~> 4.0)
  syntax_tree-rbs (~> 1.0.0)
  tzinfo-data
  vcr (~> 6.1)
  view_component
  web-console
  webmock (~> 3.18)

RUBY VERSION
   ruby 3.1.1p18

BUNDLED WITH
   2.3.8
